GEM
  remote: http://rubygems.org/
  specs:
    adsf (1.1.1)
      rack (>= 1.0.0)
    chunky_png (1.2.7)
    colored (1.2)
    compass (0.12.2)
      chunky_png (~> 1.2)
      fssm (>= 0.2.7)
      sass (~> 3.1)
    cri (2.3.0)
      colored (>= 1.2)
    fssm (0.2.9)
    haml (3.1.7)
    kramdown (0.14.0)
    mime-types (1.19)
    nanoc (3.4.2)
      cri (~> 2.2)
    rack (1.4.1)
    rake (0.9.2.2)
    sass (3.2.3)

PLATFORMS
  ruby

DEPENDENCIES
  adsf
  compass
  haml
  kramdown
  mime-types
  nanoc
  rake
  sass
